GEM
  remote: https://rubygems.org/
  specs:
    rack (2.0.5)

PLATFORMS
  ruby

DEPENDENCIES
  rack

RUBY VERSION
   ruby 2.2.3p173

BUNDLED WITH
   1.16.4
